PATH
  remote: .
  specs:
    fmcache (0.5.0)
      field_mask_parser (~> 0.4.3)

GEM
  remote: https://rubygems.org/
  specs:
    activemodel (7.0.4.2)
      activesupport (= 7.0.4.2)
    activerecord (7.0.4.2)
      activemodel (= 7.0.4.2)
      activesupport (= 7.0.4.2)
    activesupport (7.0.4.2)
      concurrent-ruby (~> 1.0, >= 1.0.2)
      i18n (>= 1.6, < 2)
      minitest (>= 5.1)
      tzinfo (~> 2.0)
    coderay (1.1.2)
    concurrent-ruby (1.2.0)
    diff-lcs (1.3)
    field_mask_parser (0.4.3)
    i18n (1.12.0)
      concurrent-ruby (~> 1.0)
    method_source (0.9.2)
    minitest (5.17.0)
    mock_redis (0.19.0)
    pry (0.12.2)
      coderay (~> 1.1.0)
      method_source (~> 0.9.0)
    rake (13.0.1)
    redis (4.0.3)
    rspec (3.8.0)
      rspec-core (~> 3.8.0)
      rspec-expectations (~> 3.8.0)
      rspec-mocks (~> 3.8.0)
    rspec-core (3.8.0)
      rspec-support (~> 3.8.0)
    rspec-expectations (3.8.2)
      diff-lcs (>= 1.2.0, < 2.0)
      rspec-support (~> 3.8.0)
    rspec-mocks (3.8.0)
      diff-lcs (>= 1.2.0, < 2.0)
      rspec-support (~> 3.8.0)
    rspec-support (3.8.0)
    tzinfo (2.0.6)
      concurrent-ruby (~> 1.0)

PLATFORMS
  ruby

DEPENDENCIES
  activerecord
  bundler (~> 1.16)
  fmcache!
  mock_redis (~> 0.19)
  pry (~> 0.11)
  rake (~> 13.0)
  redis (~> 4.0)
  rspec (~> 3.8)

BUNDLED WITH
   1.17.3
